GIT
  remote: git://github.com/ma2shita/fluent-plugin-in_unix_unimsg.git
  revision: 500e9abe2faebc557a010a7a6eec80a75a9cedc4
  specs:
    fluent-plugin-in_unix_unimsg (0.0.1)
      fluentd

GIT
  remote: git://github.com/ma2shita/fluent-plugin-out-http-alt.git
  revision: 468edf97da6f9633ff3c95da18ccd41ffe239302
  specs:
    fluent-plugin-out-http-alt (0.0.1)
      fluentd (~> 0.10.0)
      yajl-ruby (~> 1.0)

GIT
  remote: git://github.com/ma2shita/fluent-plugin-record-modifier.git
  revision: ebe229d216d661f9c13049908e0d1cd23bb4879d
  branch: include_set_time_key_mixin
  specs:
    fluent-plugin-record-modifier (0.2.0)
      fluent-mixin-config-placeholders (>= 0.3.0)
      fluentd (~> 0.10.17)

GEM
  remote: https://rubygems.org/
  specs:
    coderay (1.1.0)
    columnize (0.8.9)
    cool.io (1.2.4)
    debugger (1.6.8)
      columnize (>= 0.3.1)
      debugger-linecache (~> 1.2.0)
      debugger-ruby_core_source (~> 1.3.5)
    debugger-linecache (1.2.0)
    debugger-ruby_core_source (1.3.7)
    fluent-mixin-config-placeholders (0.3.0)
      fluentd
      uuidtools (>= 2.1.5)
    fluent-plugin-grep (0.3.3)
      fluentd
    fluentd (0.10.57)
      cool.io (>= 1.1.1, < 2.0.0, != 1.2.0)
      http_parser.rb (>= 0.5.1, < 0.7.0)
      json (>= 1.4.3)
      msgpack (>= 0.4.4, < 0.6.0, != 0.5.3, != 0.5.2, != 0.5.1, != 0.5.0)
      sigdump (~> 0.2.2)
      tzinfo (>= 1.0.0)
      tzinfo-data (>= 1.0.0)
      yajl-ruby (~> 1.0)
    http_parser.rb (0.6.0)
    json (1.8.1)
    method_source (0.8.2)
    msgpack (0.5.9)
    pry (0.10.1)
      coderay (~> 1.1.0)
      method_source (~> 0.8.1)
      slop (~> 3.4)
    pry-debugger (0.2.3)
      debugger (~> 1.3)
      pry (>= 0.9.10, < 0.11.0)
    rake (10.4.0)
    sigdump (0.2.2)
    slop (3.6.0)
    thread_safe (0.3.4)
    tzinfo (1.2.2)
      thread_safe (~> 0.1)
    tzinfo-data (1.2014.10)
      tzinfo (>= 1.0.0)
    uuidtools (2.1.5)
    yajl-ruby (1.2.1)

PLATFORMS
  ruby

DEPENDENCIES
  fluent-plugin-grep
  fluent-plugin-in_unix_unimsg!
  fluent-plugin-out-http-alt!
  fluent-plugin-record-modifier!
  fluentd
  pry-debugger
  rake
