GIT
  remote: git://github.com/ma2shita/fluent-plugin-in_unix_unimsg.git
  revision: 84fc3dd28066f70b0d1ddcde3f8edd93b84e3cc9
  specs:
    fluent-plugin-in_unix_unimsg (0.0.2)
      fluentd

GEM
  remote: https://rubygems.org/
  specs:
    coderay (1.1.0)
    columnize (0.9.0)
    cool.io (1.3.0)
    debugger (1.6.8)
      columnize (>= 0.3.1)
      debugger-linecache (~> 1.2.0)
      debugger-ruby_core_source (~> 1.3.5)
    debugger-linecache (1.2.0)
    debugger-ruby_core_source (1.3.8)
    fluentd (0.12.4)
      cool.io (>= 1.2.2, < 2.0.0)
      http_parser.rb (>= 0.5.1, < 0.7.0)
      json (>= 1.4.3)
      msgpack (>= 0.5.4, < 0.6.0)
      sigdump (~> 0.2.2)
      string-scrub (>= 0.0.3)
      tzinfo (>= 1.0.0)
      tzinfo-data (>= 1.0.0)
      yajl-ruby (~> 1.0)
    http_parser.rb (0.6.0)
    json (1.8.2)
    method_source (0.8.2)
    msgpack (0.5.10)
    pry (0.10.1)
      coderay (~> 1.1.0)
      method_source (~> 0.8.1)
      slop (~> 3.4)
    pry-debugger (0.2.3)
      debugger (~> 1.3)
      pry (>= 0.9.10, < 0.11.0)
    rake (10.4.2)
    sigdump (0.2.2)
    slop (3.6.0)
    string-scrub (0.0.5)
    thread_safe (0.3.4)
    tzinfo (1.2.2)
      thread_safe (~> 0.1)
    tzinfo-data (1.2014.10)
      tzinfo (>= 1.0.0)
    yajl-ruby (1.2.1)

PLATFORMS
  ruby

DEPENDENCIES
  fluent-plugin-in_unix_unimsg!
  fluentd
  pry-debugger
  rake
